GEM
  remote: http://rubygems.org/
  specs:
    abstract (1.0.0)
    actionmailer (3.0.12)
      actionpack (= 3.0.12)
      mail (~> 2.2.19)
    actionpack (3.0.12)
      activemodel (= 3.0.12)
      activesupport (= 3.0.12)
      builder (~> 2.1.2)
      erubis (~> 2.6.6)
      i18n (~> 0.5.0)
      rack (~> 1.2.5)
      rack-mount (~> 0.6.14)
      rack-test (~> 0.5.7)
      tzinfo (~> 0.3.23)
    activemodel (3.0.12)
      activesupport (= 3.0.12)
      builder (~> 2.1.2)
      i18n (~> 0.5.0)
    activerecord (3.0.12)
      activemodel (= 3.0.12)
      activesupport (= 3.0.12)
      arel (~> 2.0.10)
      tzinfo (~> 0.3.23)
    activeresource (3.0.12)
      activemodel (= 3.0.12)
      activesupport (= 3.0.12)
    activesupport (3.0.12)
    arel (2.0.10)
    authlogic (3.2.0)
      activerecord (>= 3.0.0)
      activesupport (>= 3.0.0)
    babosa (0.3.11)
    bcrypt-ruby (3.1.2)
    builder (2.1.2)
    coderay (1.1.0)
    erubis (2.6.6)
      abstract (>= 1.0.0)
    event-calendar (2.3.3)
    fastercsv (1.5.5)
    friendly_id (3.3.3.0)
      babosa (~> 0.3.0)
    httpclient (2.3.4.1)
    i18n (0.5.3)
    json (1.8.1)
    mail (2.2.20)
      activesupport (>= 2.3.6)
      i18n (>= 0.4.0)
      mime-types (~> 1.16)
      treetop (~> 1.4.8)
    method_source (0.8.2)
    mime-types (1.25.1)
    multi_json (1.8.4)
    mysql2 (0.2.22)
    net-ssh (2.7.0)
    paperclip (2.3.5)
      activerecord
      activesupport
    pdfkit (0.6.1)
    polyglot (0.3.4)
    pry (0.9.12.6)
      coderay (~> 1.0)
      method_source (~> 0.8)
      slop (~> 3.4)
    pusher (0.12.0)
      httpclient (~> 2.3.0)
      multi_json (~> 1.0)
      signature (~> 0.1.6)
    rack (1.2.8)
    rack-mount (0.6.14)
      rack (>= 1.0.0)
    rack-test (0.5.7)
      rack (>= 1.0)
    rails (3.0.12)
      actionmailer (= 3.0.12)
      actionpack (= 3.0.12)
      activerecord (= 3.0.12)
      activeresource (= 3.0.12)
      activesupport (= 3.0.12)
      bundler (~> 1.0)
      railties (= 3.0.12)
    rails3-jquery-autocomplete (1.0.12)
      rails (>= 3.0)
    railties (3.0.12)
      actionpack (= 3.0.12)
      activesupport (= 3.0.12)
      rake (>= 0.8.7)
      rdoc (~> 3.4)
      thor (~> 0.14.4)
    rake (10.1.1)
    rdoc (3.12.2)
      json (~> 1.4)
    render_inheritable (1.0.0)
      rails (~> 3.0)
    signature (0.1.7)
    slop (3.4.7)
    thor (0.14.6)
    treetop (1.4.15)
      polyglot
      polyglot (>= 0.3.1)
    typus (3.0.11)
      bcrypt-ruby
      fastercsv (~> 1.5)
      rails (~> 3.0.8)
      render_inheritable
      will_paginate (~> 3.0.pre2)
    tzinfo (0.3.38)
    will_paginate (3.0.pre2)
    wkhtmltopdf-binary (0.9.9.1)

PLATFORMS
  ruby

DEPENDENCIES
  authlogic
  babosa (~> 0.3.11)
  event-calendar
  friendly_id (~> 3.3.0)
  mysql2 (< 0.3)
  net-ssh (~> 2.7.0)
  paperclip (~> 2.0)
  pdfkit
  pry
  pusher
  rails (= 3.0.12)
  rails3-jquery-autocomplete (>= 0.2.2)
  typus (~> 3.0.3)
  will_paginate (= 3.0.pre2)
  wkhtmltopdf-binary
